GEM
  remote: https://rubygems.org/
  specs:
    addressable (2.5.2)
      public_suffix (>= 2.0.2, < 4.0)
    ansi (1.5.0)
    byebug (9.1.0)
    chef-config (13.6.0)
      addressable
      fuzzyurl
      mixlib-config (~> 2.0)
      mixlib-shellout (~> 2.0)
    coderay (1.1.2)
    diff-lcs (1.3)
    docker-api (1.33.6)
      excon (>= 0.38.0)
      json
    excon (0.59.0)
    ffi (1.9.18)
    ffi-yajl (2.3.1)
      libyajl2 (~> 1.2)
    fuubar (2.2.0)
      rspec-core (~> 3.0)
      ruby-progressbar (~> 1.4)
    fuzzyurl (0.9.0)
    hashie (3.5.6)
    ipaddress (0.8.3)
    itamae (1.9.11)
      ansi
      hashie
      schash (~> 0.1.0)
      specinfra (>= 2.64.0, < 3.0.0)
      thor
    itamae-plugin-resource-pip (1.0.0)
      itamae (~> 1.2)
    json (2.1.0)
    libyajl2 (1.2.0)
    method_source (0.9.0)
    mixlib-cli (1.7.0)
    mixlib-config (2.2.4)
    mixlib-log (1.7.1)
    mixlib-shellout (2.3.2)
    multi_json (1.12.2)
    net-scp (1.2.1)
      net-ssh (>= 2.6.5)
    net-ssh (4.2.0)
    net-telnet (0.1.1)
    ohai (13.6.0)
      chef-config (>= 12.5.0.alpha.1, < 14)
      ffi (~> 1.9)
      ffi-yajl (~> 2.2)
      ipaddress
      mixlib-cli
      mixlib-config (~> 2.0)
      mixlib-log (>= 1.7.1, < 2.0)
      mixlib-shellout (~> 2.0)
      plist (~> 3.1)
      systemu (~> 2.6.4)
      wmi-lite (~> 1.0)
    plist (3.3.0)
    pry (0.11.2)
      coderay (~> 1.1.0)
      method_source (~> 0.9.0)
    pry-byebug (3.5.0)
      byebug (~> 9.1)
      pry (~> 0.10)
    pry-doc (0.11.1)
      pry (~> 0.9)
      yard (~> 0.9)
    public_suffix (3.0.0)
    rake (12.2.1)
    rspec (3.7.0)
      rspec-core (~> 3.7.0)
      rspec-expectations (~> 3.7.0)
      rspec-mocks (~> 3.7.0)
    rspec-core (3.7.0)
      rspec-support (~> 3.7.0)
    rspec-expectations (3.7.0)
      diff-lcs (>= 1.2.0, < 2.0)
      rspec-support (~> 3.7.0)
    rspec-its (1.2.0)
      rspec-core (>= 3.0.0)
      rspec-expectations (>= 3.0.0)
    rspec-mocks (3.7.0)
      diff-lcs (>= 1.2.0, < 2.0)
      rspec-support (~> 3.7.0)
    rspec-support (3.7.0)
    ruby-progressbar (1.9.0)
    schash (0.1.2)
    serverspec (2.41.2)
      multi_json
      rspec (~> 3.0)
      rspec-its
      specinfra (~> 2.72)
    sfl (2.3)
    specinfra (2.72.0)
      net-scp
      net-ssh (>= 2.7, < 5.0)
      net-telnet
      sfl
    systemu (2.6.5)
    thor (0.20.0)
    wmi-lite (1.0.0)
    yard (0.9.9)

PLATFORMS
  ruby

DEPENDENCIES
  docker-api (= 1.33.6)
  fuubar (= 2.2.0)
  itamae (= 1.9.11)
  itamae-plugin-resource-pip (= 1.0.0)
  ohai
  pry (= 0.11.2)
  pry-byebug (= 3.5.0)
  pry-doc
  rake (= 12.2.1)
  serverspec (= 2.41.2)

RUBY VERSION
   ruby 2.4.2p198

BUNDLED WITH
   1.15.1
